GEM
  specs:
    akami (1.3.1)
      gyoku (>= 0.4.0)
      nokogiri
    bing_translator (5.0.0)
      json (~> 1.8.0)
      nokogiri (~> 1.6.0)
      savon (~> 2.10.0)
    builder (3.2.3)
    gyoku (1.3.1)
      builder (>= 2.1.2)
    httpclient (2.8.3)
    httpi (2.4.2)
      rack
      socksify
    json (1.8.3)
    macaddr (1.7.1)
      systemu (~> 2.6.2)
    mini_portile2 (2.1.0)
    nokogiri (1.6.8.1-x86-mingw32)
      mini_portile2 (~> 2.1.0)
    nori (2.6.0)
    rack (2.0.3)
    savon (2.10.1)
      akami (~> 1.2)
      builder (>= 2.1.2)
      gyoku (~> 1.2)
      httpi (~> 2.3)
      nokogiri (>= 1.4.0)
      nori (~> 2.4)
      uuid (~> 2.3.7)
      wasabi (~> 3.4)
    socksify (1.7.1)
    systemu (2.6.5)
    uuid (2.3.8)
      macaddr (~> 1.0)
    wasabi (3.5.0)
      httpi (~> 2.0)
      nokogiri (>= 1.4.2)

PLATFORMS
  x86-mingw32

DEPENDENCIES
  bing_translator
  httpclient

BUNDLED WITH
   1.14.6
